GEM
  remote: http://www.rubygems.org/
  specs:
    aws-flow (1.2.0)
      aws-sdk (~> 1, >= 1.39.0)
    aws-sdk (1.46.0)
      json (~> 1.4)
      nokogiri (>= 1.4.4)
    json (1.8.1)
    mini_portile (0.6.0)
    nokogiri (1.6.2.1)
      mini_portile (= 0.6.0)
    parse-cron (0.1.4)
    zip (2.0.2)

PLATFORMS
  ruby

DEPENDENCIES
  aws-flow (~> 1, >= 1.1.1)
  parse-cron (~> 0.1)
  zip (~> 2.0)
